PATH
  remote: .
  specs:
    redis (0.1.0)

GEM
  remote: https://rubygems.org/
  specs:
    rake (10.5.0)

PLATFORMS
  ruby
  x64-mingw32

DEPENDENCIES
  bundler (~> 2.0.1)
  rake (~> 10.0)
  redis!

BUNDLED WITH
   2.0.1
