PATH
  remote: .
  specs:
    ledis (0.0.2)

GEM
  remote: https://rubygems.org/
  specs:
    coderay (1.1.2)
    method_source (0.8.2)
    pry (0.10.4)
      coderay (~> 1.1.0)
      method_source (~> 0.8.1)
      slop (~> 3.4)
    rake (10.5.0)
    slop (3.6.0)

PLATFORMS
  ruby
  x64-mingw32

DEPENDENCIES
  bundler (~> 2.0.1)
  ledis!
  pry (~> 0.10.4)
  rake (~> 10.0)

BUNDLED WITH
   2.0.1
