PATH
  remote: .
  specs:
    ledis-cli (0.0.2)

GEM
  remote: https://rubygems.org/
  specs:
    coderay (1.1.2)
    domain_name (0.5.20180417)
      unf (>= 0.0.5, < 1.0.0)
    ffi (1.10.0-x64-mingw32)
    http-cookie (1.0.3)
      domain_name (~> 0.5)
    method_source (0.8.2)
    mime-types (3.2.2)
      mime-types-data (~> 3.2015)
    mime-types-data (3.2018.0812)
    netrc (0.11.0)
    pry (0.10.4)
      coderay (~> 1.1.0)
      method_source (~> 0.8.1)
      slop (~> 3.4)
    rack (2.0.6)
    rake (10.5.0)
    rest-client (2.0.2-x64-mingw32)
      ffi (~> 1.9)
      http-cookie (>= 1.0.2, < 2.0)
      mime-types (>= 1.16, < 4.0)
      netrc (~> 0.8)
    slop (3.6.0)
    unf (0.1.4)
      unf_ext
    unf_ext (0.0.7.5-x64-mingw32)

PLATFORMS
  ruby
  x64-mingw32

DEPENDENCIES
  bundler (~> 2.0.1)
  ledis-cli!
  pry (~> 0.10.4)
  rack
  rake (~> 10.0)
  rest-client

BUNDLED WITH
   2.0.1
